GIT
  remote: https://github.com/UNC-Libraries/marc_sersol.git
  revision: 41408732ac68c4a154739e5c7c475dec6d48b492
  specs:
    marc_sersol (0.0.2)

GEM
  remote: https://rubygems.org/
  specs:
    diff-lcs (1.5.0)
    highline (2.0.3)
    marc (1.1.1)
      rexml
      scrub_rb (>= 1.0.1, < 2)
      unf
    rexml (3.2.8)
      strscan (>= 3.0.9)
    rspec (3.12.0)
      rspec-core (~> 3.12.0)
      rspec-expectations (~> 3.12.0)
      rspec-mocks (~> 3.12.0)
    rspec-core (3.12.1)
      rspec-support (~> 3.12.0)
    rspec-expectations (3.12.2)
      diff-lcs (>= 1.2.0, < 2.0)
      rspec-support (~> 3.12.0)
    rspec-mocks (3.12.3)
      diff-lcs (>= 1.2.0, < 2.0)
      rspec-support (~> 3.12.0)
    rspec-support (3.12.0)
    scrub_rb (1.0.1)
    strscan (3.1.0)
    unf (0.1.4)
      unf_ext
    unf_ext (0.0.9.1)
    unf_ext (0.0.9.1-x64-mingw32)

PLATFORMS
  x64-mingw32
  x86_64-darwin-21
  x86_64-linux

DEPENDENCIES
  bundler (~> 2.0)
  highline (~> 2.0)
  marc (~> 1.0)
  marc_sersol!
  rspec

BUNDLED WITH
   2.3.20
